GEM
  remote: https://rubygems.org/
  specs:
    actioncable (6.0.6.1)
      actionpack (= 6.0.6.1)
      nio4r (~> 2.0)
      websocket-driver (>= 0.6.1)
    actionmailbox (6.0.6.1)
      actionpack (= 6.0.6.1)
      activejob (= 6.0.6.1)
      activerecord (= 6.0.6.1)
      activestorage (= 6.0.6.1)
      activesupport (= 6.0.6.1)
      mail (>= 2.7.1)
    actionmailer (6.0.6.1)
      actionpack (= 6.0.6.1)
      actionview (= 6.0.6.1)
      activejob (= 6.0.6.1)
      mail (~> 2.5, >= 2.5.4)
      rails-dom-testing (~> 2.0)
    actionpack (6.0.6.1)
      actionview (= 6.0.6.1)
      activesupport (= 6.0.6.1)
      rack (~> 2.0, >= 2.0.8)
      rack-test (>= 0.6.3)
      rails-dom-testing (~> 2.0)
      rails-html-sanitizer (~> 1.0, >= 1.2.0)
    actiontext (6.0.6.1)
      actionpack (= 6.0.6.1)
      activerecord (= 6.0.6.1)
      activestorage (= 6.0.6.1)
      activesupport (= 6.0.6.1)
      nokogiri (>= 1.8.5)
    actionview (6.0.6.1)
      activesupport (= 6.0.6.1)
      builder (~> 3.1)
      erubi (~> 1.4)
      rails-dom-testing (~> 2.0)
      rails-html-sanitizer (~> 1.1, >= 1.2.0)
    activejob (6.0.6.1)
      activesupport (= 6.0.6.1)
      globalid (>= 0.3.6)
    activemodel (6.0.6.1)
      activesupport (= 6.0.6.1)
    activerecord (6.0.6.1)
      activemodel (= 6.0.6.1)
      activesupport (= 6.0.6.1)
    activestorage (6.0.6.1)
      actionpack (= 6.0.6.1)
      activejob (= 6.0.6.1)
      activerecord (= 6.0.6.1)
      marcel (~> 1.0)
    activesupport (6.0.6.1)
      concurrent-ruby (~> 1.0, >= 1.0.2)
      i18n (>= 0.7, < 2)
      minitest (~> 5.1)
      tzinfo (~> 1.1)
      zeitwerk (~> 2.2, >= 2.2.2)
    ast (2.4.2)
    bcrypt (3.1.18)
    bootsnap (1.16.0)
      msgpack (~> 1.2)
    builder (3.2.4)
    byebug (11.1.3)
    concurrent-ruby (1.2.2)
    crass (1.0.6)
    daemons (1.4.1)
    date (3.3.3)
    devise (4.9.2)
      bcrypt (~> 3.0)
      orm_adapter (~> 0.1)
      railties (>= 4.1.0)
      responders
      warden (~> 1.2.3)
    devise_token_auth (1.1.5)
      bcrypt (~> 3.0)
      devise (> 3.5.2, < 5)
      rails (>= 4.2.0, < 6.2)
    diff-lcs (1.5.0)
    dotenv (2.8.1)
    dotenv-rails (2.8.1)
      dotenv (= 2.8.1)
      railties (>= 3.2)
    erubi (1.12.0)
    eventmachine (1.2.7)
    factory_bot (6.2.1)
      activesupport (>= 5.0.0)
    factory_bot_rails (6.2.0)
      factory_bot (~> 6.2.0)
      railties (>= 5.0.0)
    ffi (1.15.5)
    globalid (1.1.0)
      activesupport (>= 5.0)
    haml (6.1.1)
      temple (>= 0.8.2)
      thor
      tilt
    i18n (1.13.0)
      concurrent-ruby (~> 1.0)
    json (2.6.3)
    listen (3.8.0)
      rb-fsevent (~> 0.10, >= 0.10.3)
      rb-inotify (~> 0.9, >= 0.9.10)
    loofah (2.21.2)
      crass (~> 1.0.2)
      nokogiri (>= 1.12.0)
    mail (2.8.1)
      mini_mime (>= 0.1.1)
      net-imap
      net-pop
      net-smtp
    mailcatcher (0.2.4)
      eventmachine
      haml
      i18n
      json
      mail
      sinatra
      skinny (>= 0.1.2)
      sqlite3-ruby
      thin
    marcel (1.0.2)
    method_source (1.0.0)
    mini_mime (1.1.2)
    mini_portile2 (2.8.2)
    minitest (5.18.0)
    msgpack (1.7.0)
    mustermann (3.0.0)
      ruby2_keywords (~> 0.0.1)
    net-imap (0.3.4)
      date
      net-protocol
    net-pop (0.1.2)
      net-protocol
    net-protocol (0.2.1)
      timeout
    net-smtp (0.3.3)
      net-protocol
    nio4r (2.5.9)
    nokogiri (1.14.4)
      mini_portile2 (~> 2.8.0)
      racc (~> 1.4)
    nokogiri (1.14.4-arm64-darwin)
      racc (~> 1.4)
    orm_adapter (0.5.0)
    parallel (1.23.0)
    parser (3.2.2.1)
      ast (~> 2.4.1)
    pg (1.5.3)
    puma (4.3.12)
      nio4r (~> 2.0)
    racc (1.6.2)
    rack (2.2.7)
    rack-cors (2.0.1)
      rack (>= 2.0.0)
    rack-protection (3.0.6)
      rack
    rack-test (2.1.0)
      rack (>= 1.3)
    rails (6.0.6.1)
      actioncable (= 6.0.6.1)
      actionmailbox (= 6.0.6.1)
      actionmailer (= 6.0.6.1)
      actionpack (= 6.0.6.1)
      actiontext (= 6.0.6.1)
      actionview (= 6.0.6.1)
      activejob (= 6.0.6.1)
      activemodel (= 6.0.6.1)
      activerecord (= 6.0.6.1)
      activestorage (= 6.0.6.1)
      activesupport (= 6.0.6.1)
      bundler (>= 1.3.0)
      railties (= 6.0.6.1)
      sprockets-rails (>= 2.0.0)
    rails-dom-testing (2.0.3)
      activesupport (>= 4.2.0)
      nokogiri (>= 1.6)
    rails-html-sanitizer (1.5.0)
      loofah (~> 2.19, >= 2.19.1)
    railties (6.0.6.1)
      actionpack (= 6.0.6.1)
      activesupport (= 6.0.6.1)
      method_source
      rake (>= 0.8.7)
      thor (>= 0.20.3, < 2.0)
    rainbow (3.1.1)
    rake (13.0.6)
    rb-fsevent (0.11.2)
    rb-inotify (0.10.1)
      ffi (~> 1.0)
    regexp_parser (2.8.0)
    responders (3.1.0)
      actionpack (>= 5.2)
      railties (>= 5.2)
    rexml (3.2.5)
    rspec-core (3.12.0)
      rspec-support (~> 3.12.0)
    rspec-expectations (3.12.0)
      diff-lcs (>= 1.2.0, < 2.0)
      rspec-support (~> 3.12.0)
    rspec-mocks (3.12.1)
      diff-lcs (>= 1.2.0, < 2.0)
      rspec-support (~> 3.12.0)
    rspec-rails (5.1.2)
      actionpack (>= 5.2)
      activesupport (>= 5.2)
      railties (>= 5.2)
      rspec-core (~> 3.10)
      rspec-expectations (~> 3.10)
      rspec-mocks (~> 3.10)
      rspec-support (~> 3.10)
    rspec-support (3.12.0)
    rubocop (1.50.2)
      json (~> 2.3)
      parallel (~> 1.10)
      parser (>= 3.2.0.0)
      rainbow (>= 2.2.2, < 4.0)
      regexp_parser (>= 1.8, < 3.0)
      rexml (>= 3.2.5, < 4.0)
      rubocop-ast (>= 1.28.0, < 2.0)
      ruby-progressbar (~> 1.7)
      unicode-display_width (>= 2.4.0, < 3.0)
    rubocop-ast (1.28.1)
      parser (>= 3.2.1.0)
    rubocop-performance (1.17.1)
      rubocop (>= 1.7.0, < 2.0)
      rubocop-ast (>= 0.4.0)
    ruby-progressbar (1.13.0)
    ruby2_keywords (0.0.5)
    shoulda-matchers (5.1.0)
      activesupport (>= 5.2.0)
    sinatra (3.0.6)
      mustermann (~> 3.0)
      rack (~> 2.2, >= 2.2.4)
      rack-protection (= 3.0.6)
      tilt (~> 2.0)
    skinny (0.2.2)
      eventmachine (~> 1.0)
      thin
    spring (2.1.1)
    spring-watcher-listen (2.0.1)
      listen (>= 2.7, < 4.0)
      spring (>= 1.2, < 3.0)
    sprockets (4.2.0)
      concurrent-ruby (~> 1.0)
      rack (>= 2.2.4, < 4)
    sprockets-rails (3.4.2)
      actionpack (>= 5.2)
      activesupport (>= 5.2)
      sprockets (>= 3.0.0)
    sqlite3 (1.6.2)
      mini_portile2 (~> 2.8.0)
    sqlite3 (1.6.2-arm64-darwin)
    sqlite3-ruby (1.3.3)
      sqlite3 (>= 1.3.3)
    temple (0.10.0)
    thin (1.8.2)
      daemons (~> 1.0, >= 1.0.9)
      eventmachine (~> 1.0, >= 1.0.4)
      rack (>= 1, < 3)
    thor (1.2.2)
    thread_safe (0.3.6)
    tilt (2.1.0)
    timeout (0.3.2)
    tzinfo (1.2.11)
      thread_safe (~> 0.1)
    unicode-display_width (2.4.2)
    warden (1.2.9)
      rack (>= 2.0.9)
    websocket-driver (0.7.5)
      websocket-extensions (>= 0.1.0)
    websocket-extensions (0.1.5)
    zeitwerk (2.6.8)

PLATFORMS
  -darwin-21
  arm64-darwin-21

DEPENDENCIES
  bootsnap (>= 1.4.2)
  byebug
  devise_token_auth (~> 1.1.4)
  dotenv-rails
  factory_bot_rails
  listen (~> 3.2)
  mailcatcher
  pg (>= 0.18, < 2.0)
  puma (~> 4.1)
  rack-cors
  rails (~> 6.0.5)
  rspec-rails
  rubocop
  rubocop-performance
  shoulda-matchers
  spring
  spring-watcher-listen (~> 2.0.0)
  sqlite3
  tzinfo-data

RUBY VERSION
   ruby 2.7.6p219

BUNDLED WITH
   2.3.20
